GEM
  remote: http://rubygems.org/
  specs:
    diff-lcs (1.1.2)
    kgio (2.6.0)
    rack (1.3.2)
    rack-test (0.6.1)
      rack (>= 1.0)
    raindrops (0.7.0)
    rspec (2.6.0)
      rspec-core (~> 2.6.0)
      rspec-expectations (~> 2.6.0)
      rspec-mocks (~> 2.6.0)
    rspec-core (2.6.4)
    rspec-expectations (2.6.0)
      diff-lcs (~> 1.1.2)
    rspec-mocks (2.6.0)
    unicorn (4.1.1)
      kgio (~> 2.4)
      rack
      raindrops (~> 0.6)

PLATFORMS
  ruby

DEPENDENCIES
  rack-test
  rspec
  unicorn
